GEM
  remote: http://rubygems.org/
  specs:
    rake_tasks (2.0.1)

PLATFORMS
  ruby
  x86-mingw32

DEPENDENCIES
  rake_tasks (~> 2.0.1)
