PATH
  remote: .
  specs:
    app_mode (1.0.2.dev)

GEM
  remote: http://rubygems.org/
  specs:
    rake_tasks (2.0.2)

PLATFORMS
  ruby
  x86-mingw32

DEPENDENCIES
  app_mode!
  rake_tasks (~> 2.0.2)
